GEM
  remote: https://rubygems.org/
  specs:
    activesupport (6.0.3.1)
      concurrent-ruby (~> 1.0, >= 1.0.2)
      i18n (>= 0.7, < 2)
      minitest (~> 5.1)
      tzinfo (~> 1.1)
      zeitwerk (~> 2.2, >= 2.2.2)
    concurrent-ruby (1.1.6)
    i18n (1.8.5)
      concurrent-ruby (~> 1.0)
    json (2.3.0)
    minitest (5.14.1)
    mustermann (1.0.3)
    rack (2.2.3)
    rack-contrib (2.1.0)
      rack (~> 2.0)
    rack-protection (2.0.7)
      rack
    sinatra (2.0.7)
      mustermann (~> 1.0)
      rack (~> 2.0)
      rack-protection (= 2.0.7)
      tilt (~> 2.0)
    thread_safe (0.3.6)
    tilt (2.0.10)
    tzinfo (1.2.7)
      thread_safe (~> 0.1)
    zeitwerk (2.4.0)

PLATFORMS
  ruby

DEPENDENCIES
  activesupport
  json
  rack-contrib
  sinatra

BUNDLED WITH
   1.17.2
